GEM
  remote: https://rubygems.org/
  specs:
    asciidoctor (2.0.10)
    asciidoctor-diagram (1.5.19)
      asciidoctor (>= 1.5.7, < 3.x)
    asciimath (1.0.8)
    ast (2.4.2)
    diff-lcs (1.3)
    digest-murmurhash (1.1.1)
    jaro_winkler (1.6.0)
    parallel (1.26.3)
    parser (3.3.5.1)
      ast (~> 2.4.1)
      racc
    racc (1.8.1)
    rainbow (3.1.1)
    rexml (3.3.9)
    rspec (3.9.0)
      rspec-core (~> 3.9.0)
      rspec-expectations (~> 3.9.0)
      rspec-mocks (~> 3.9.0)
    rspec-core (3.9.0)
      rspec-support (~> 3.9.0)
    rspec-expectations (3.9.0)
      diff-lcs (>= 1.2.0, < 2.0)
      rspec-support (~> 3.9.0)
    rspec-mocks (3.9.0)
      diff-lcs (>= 1.2.0, < 2.0)
      rspec-support (~> 3.9.0)
    rspec-support (3.9.0)
    rubocop (0.84.0)
      parallel (~> 1.10)
      parser (>= 2.7.0.1)
      rainbow (>= 2.2.2, < 4.0)
      rexml
      rubocop-ast (>= 0.0.3)
      ruby-progressbar (~> 1.7)
      unicode-display_width (>= 1.4.0, < 2.0)
    rubocop-ast (1.34.0)
      parser (>= 3.3.1.0)
    ruby-progressbar (1.13.0)
    thread_safe (0.3.6)
    unicode-display_width (1.8.0)

PLATFORMS
  ruby

DEPENDENCIES
  asciidoctor (~> 2.0)
  asciidoctor-diagram (~> 1.5)
  asciimath (~> 1.0)
  digest-murmurhash (~> 1.1.1)
  jaro_winkler (~> 1.6)
  rspec (~> 3.8)
  rubocop (~> 0.84.0)
  thread_safe (~> 0.3.6)

RUBY VERSION
   ruby 3.1.6p260

BUNDLED WITH
   2.5.22
