GEM
  remote: https://rubygems.org/
  specs:
    asciidoctor (1.5.8)

PLATFORMS
  ruby

DEPENDENCIES
  asciidoctor (= 1.5.8)

BUNDLED WITH
   1.17.1
